GEM
  remote: https://rubygems.org/
  specs:
    bourbon (5.0.0)
      sass (~> 3.4)
      thor (~> 0.19)
    chunky_png (1.3.10)
    compass (0.12.2)
      chunky_png (~> 1.2)
      fssm (>= 0.2.7)
      sass (~> 3.1)
    ffi (1.9.23)
    fssm (0.2.10)
    rb-fsevent (0.10.3)
    rb-inotify (0.9.10)
      ffi (>= 0.5.0, < 2)
    sass (3.5.6)
      sass-listen (~> 4.0.0)
    sass-listen (4.0.0)
      rb-fsevent (~> 0.9, >= 0.9.4)
      rb-inotify (~> 0.9, >= 0.9.7)
    susy (1.0.9)
      compass (>= 0.12.2)
      sass (>= 3.2.0)
    thor (0.20.0)

PLATFORMS
  ruby

DEPENDENCIES
  bourbon
  sass
  susy

BUNDLED WITH
   1.16.1
